GEM
  remote: http://artifactory.blinkbox.local/artifactory/api/gems/bbb-gems/
  remote: http://artifactory.blinkbox.local/artifactory/api/gems/rubygems/
  specs:
    blinkbox-common_config (0.2.0)
      java_properties
      ruby-units (~> 1.4)
    blinkbox-common_logging (0.0.0)
      gelf
    builder (3.2.2)
    cucumber (1.3.15)
      builder (>= 2.1.2)
      diff-lcs (>= 1.1.3)
      gherkin (~> 2.12)
      multi_json (>= 1.7.5, < 2.0)
      multi_test (>= 0.1.1)
    diff-lcs (1.2.5)
    gelf (1.4.0)
      json
    gherkin (2.12.2)
      multi_json (~> 1.3)
    java_properties (0.0.4)
    json (1.8.1)
    mini_portile (0.6.0)
    multi_json (1.10.1)
    multi_test (0.1.1)
    nokogiri (1.6.2.1)
      mini_portile (= 0.6.0)
    rake (10.3.2)
    roo (1.13.2)
      nokogiri
      rubyzip
      spreadsheet (> 0.6.4)
    rspec (2.99.0)
      rspec-core (~> 2.99.0)
      rspec-expectations (~> 2.99.0)
      rspec-mocks (~> 2.99.0)
    rspec-core (2.99.1)
    rspec-expectations (2.99.1)
      diff-lcs (>= 1.1.3, < 2.0)
    rspec-mocks (2.99.1)
    ruby-ole (1.2.11.7)
    ruby-units (1.4.5)
    rubyzip (1.1.4)
    spreadsheet (0.9.7)
      ruby-ole (>= 1.0)

PLATFORMS
  ruby

DEPENDENCIES
  blinkbox-common_config (~> 0.2.0)
  blinkbox-common_logging
  cucumber
  rake
  roo
  rspec (~> 2.0)
