GEM
  remote: http://artifactory.blinkbox.local/artifactory/api/gems/bbb-gems/
  remote: http://artifactory.blinkbox.local/artifactory/api/gems/rubygems/
  specs:
    activesupport (4.1.6)
      i18n (~> 0.6, >= 0.6.9)
      json (~> 1.7, >= 1.7.7)
      minitest (~> 5.1)
      thread_safe (~> 0.1)
      tzinfo (~> 1.1)
    amq-protocol (1.9.2)
    blinkbox-common_config (0.2.0)
      java_properties
      ruby-units (~> 1.4)
    blinkbox-common_logging (0.3.1)
      gelf
    blinkbox-common_messaging (0.1.0)
      activesupport
      bunny (~> 1.4)
      json-schema
      ruby-units (~> 1.4)
    builder (3.2.2)
    bunny (1.4.0)
      amq-protocol (>= 1.9.2)
    cucumber (1.3.15)
      builder (>= 2.1.2)
      diff-lcs (>= 1.1.3)
      gherkin (~> 2.12)
      multi_json (>= 1.7.5, < 2.0)
      multi_test (>= 0.1.1)
    diff-lcs (1.2.5)
    gelf (1.4.0)
      json
    gherkin (2.12.2)
      multi_json (~> 1.3)
    i18n (0.6.11)
    java_properties (0.0.4)
    json (1.8.1)
    json-schema (2.2.4)
    mini_portile (0.6.0)
    minitest (5.4.1)
    multi_json (1.10.1)
    multi_test (0.1.1)
    nokogiri (1.6.2.1)
      mini_portile (= 0.6.0)
    rake (10.3.2)
    roo (1.13.2)
      nokogiri
      rubyzip
      spreadsheet (> 0.6.4)
    rspec (3.0.0)
      rspec-core (~> 3.0.0)
      rspec-expectations (~> 3.0.0)
      rspec-mocks (~> 3.0.0)
    rspec-core (3.0.3)
      rspec-support (~> 3.0.0)
    rspec-expectations (3.0.3)
      diff-lcs (>= 1.2.0, < 2.0)
      rspec-support (~> 3.0.0)
    rspec-mocks (3.0.3)
      rspec-support (~> 3.0.0)
    rspec-support (3.0.3)
    ruby-ole (1.2.11.7)
    ruby-units (1.4.5)
    rubyzip (1.1.4)
    sanitize (2.1.0)
      nokogiri (>= 1.4.4)
    spreadsheet (0.9.7)
      ruby-ole (>= 1.0)
    thread_safe (0.3.4)
    tzinfo (1.2.2)
      thread_safe (~> 0.1)

PLATFORMS
  ruby

DEPENDENCIES
  blinkbox-common_config (~> 0.2.0)
  blinkbox-common_logging (~> 0.3.0)
  blinkbox-common_messaging
  cucumber
  rake
  roo
  rspec (~> 3.0)
  sanitize
