GEM
  remote: https://rubygems.org/
  specs:
    activesupport (4.2.0)
      i18n (~> 0.7)
      json (~> 1.7, >= 1.7.7)
      minitest (~> 5.1)
      thread_safe (~> 0.3, >= 0.3.4)
      tzinfo (~> 1.1)
    addressable (2.3.6)
    amq-protocol (1.9.2)
    blinkbox-common_config (0.4.0)
      java_properties
      ruby-units (~> 1.4)
    blinkbox-common_helpers (0.1.0)
    blinkbox-common_logging (0.5.2)
      gelf
    blinkbox-common_mapping (0.1.4)
      blinkbox-common_messaging (~> 0.5, >= 0.5.1)
    blinkbox-common_messaging (0.5.2)
      activesupport
      bunny (~> 1.4)
      json-schema
      ruby-units (~> 1.4)
    builder (3.2.2)
    bunny (1.6.3)
      amq-protocol (>= 1.9.2)
    crass (1.0.1)
    cucumber (1.3.18)
      builder (>= 2.1.2)
      diff-lcs (>= 1.1.3)
      gherkin (~> 2.12)
      multi_json (>= 1.7.5, < 2.0)
      multi_test (>= 0.1.1)
    diff-lcs (1.2.5)
    gelf (1.4.0)
      json
    gherkin (2.12.2)
      multi_json (~> 1.3)
    i18n (0.7.0)
    java_properties (0.0.4)
    json (1.8.2)
    json-schema (2.5.0)
      addressable (~> 2.3)
    mini_portile (0.6.2)
    minitest (5.5.1)
    multi_json (1.10.1)
    multi_test (0.1.1)
    nokogiri (1.6.6.2)
      mini_portile (~> 0.6.0)
    nokogumbo (1.2.0)
      nokogiri
    rake (10.4.2)
    roo (1.13.2)
      nokogiri
      rubyzip
      spreadsheet (> 0.6.4)
    rspec (3.1.0)
      rspec-core (~> 3.1.0)
      rspec-expectations (~> 3.1.0)
      rspec-mocks (~> 3.1.0)
    rspec-core (3.1.7)
      rspec-support (~> 3.1.0)
    rspec-expectations (3.1.2)
      diff-lcs (>= 1.2.0, < 2.0)
      rspec-support (~> 3.1.0)
    rspec-mocks (3.1.3)
      rspec-support (~> 3.1.0)
    rspec-support (3.1.2)
    ruby-ole (1.2.11.8)
    ruby-units (1.4.5)
    rubyzip (1.1.6)
    sanitize (3.1.0)
      crass (~> 1.0.1)
      nokogiri (>= 1.4.4)
      nokogumbo (= 1.2.0)
    spreadsheet (1.0.1)
      ruby-ole (>= 1.0)
    thread_safe (0.3.4)
    tzinfo (1.2.2)
      thread_safe (~> 0.1)

PLATFORMS
  ruby

DEPENDENCIES
  blinkbox-common_config (~> 0.4)
  blinkbox-common_helpers (~> 0.1)
  blinkbox-common_logging (~> 0.5)
  blinkbox-common_mapping (~> 0.0)
  blinkbox-common_messaging (~> 0.2)
  cucumber
  rake
  roo (= 1.13.2)
  rspec (~> 3.0)
  sanitize
